PATH
  remote: .
  specs:
    on_rules (0.0.1)
      rack (~> 2.2)
      webrick

GEM
  remote: https://rubygems.org/
  specs:
    rack (2.2.8.1)
    rake (13.1.0)
    webrick (1.8.1)

PLATFORMS
  ruby
  x86_64-linux

DEPENDENCIES
  on_rules!
  rake (~> 13.0)

BUNDLED WITH
   2.5.3
